PATH
  remote: .
  specs:
    tipi (0.53)
      acme-client (~> 2.0.9)
      ever (~> 0.1)
      extralite (~> 1.16)
      h1p (~> 0.5)
      http-2 (~> 0.11)
      localhost (~> 1.1.4)
      msgpack (~> 1.4.2)
      polyphony (~> 0.94)
      qeweney (~> 0.18)
      rack (>= 2.0.8, < 2.3.0)
      websocket (~> 1.2.8)

GEM
  remote: https://rubygems.org/
  specs:
    acme-client (2.0.11)
      faraday (>= 1.0, < 3.0.0)
      faraday-retry (~> 1.0)
    cuba (3.9.3)
      rack (>= 1.6.0)
    docile (1.4.0)
    escape_utils (1.2.2)
    ever (0.2)
    extralite (1.16)
    faraday (2.6.0)
      faraday-net_http (>= 2.0, < 3.1)
      ruby2_keywords (>= 0.0.4)
    faraday-net_http (3.0.0)
    faraday-retry (1.0.3)
    h1p (0.5)
    http-2 (0.11.0)
    json (2.6.2)
    localhost (1.1.9)
    memory_profiler (1.0.0)
    minitest (5.11.3)
    msgpack (1.4.5)
    polyphony (0.94)
    qeweney (0.18)
      escape_utils (~> 1.2.1)
    rack (2.2.4)
    rake (13.0.6)
    ruby2_keywords (0.0.5)
    simplecov (0.17.1)
      docile (~> 1.1)
      json (>= 1.8, < 3)
      simplecov-html (~> 0.10.0)
    simplecov-html (0.10.2)
    websocket (1.2.9)

PLATFORMS
  ruby

DEPENDENCIES
  cuba (~> 3.9.3)
  memory_profiler (~> 1.0.0)
  minitest (~> 5.11.3)
  rake (~> 13.0.6)
  simplecov (~> 0.17.1)
  tipi!

BUNDLED WITH
   2.3.3
