PATH
  remote: .
  specs:
    tipi (0.54)
      acme-client (~> 2.0.14)
      ever (~> 0.2)
      extralite (~> 1.27)
      h1p (~> 1.1)
      http-2 (~> 0.11)
      localhost (~> 1.1.10)
      msgpack (~> 1.7.1)
      polyphony (~> 1.4)
      qeweney (~> 0.18)
      rack (>= 2.0.8, < 2.3.0)
      websocket (~> 1.2.9)

GEM
  remote: https://rubygems.org/
  specs:
    acme-client (2.0.14)
      faraday (>= 1.0, < 3.0.0)
      faraday-retry (>= 1.0, < 3.0.0)
    cuba (3.9.3)
      rack (>= 1.6.0)
    docile (1.4.0)
    escape_utils (1.2.2)
    ever (0.2)
    extralite (1.27)
    faraday (2.7.9)
      faraday-net_http (>= 2.0, < 3.1)
      ruby2_keywords (>= 0.0.4)
    faraday-net_http (3.0.2)
    faraday-retry (2.2.0)
      faraday (~> 2.0)
    h1p (1.1)
    http-2 (0.11.0)
    localhost (1.1.10)
    memory_profiler (1.0.1)
    minitest (5.18.1)
    msgpack (1.7.1)
    polyphony (1.4)
    qeweney (0.18)
      escape_utils (~> 1.2.1)
    rack (2.2.7)
    rake (13.0.6)
    ruby2_keywords (0.0.5)
    simplecov (0.22.0)
      docile (~> 1.1)
      simplecov-html (~> 0.11)
      simplecov_json_formatter (~> 0.1)
    simplecov-html (0.12.3)
    simplecov_json_formatter (0.1.4)
    websocket (1.2.9)

PLATFORMS
  ruby

DEPENDENCIES
  cuba (~> 3.9.3)
  memory_profiler (~> 1.0.1)
  minitest (~> 5.18.1)
  rake (~> 13.0.6)
  simplecov (~> 0.22.0)
  tipi!

BUNDLED WITH
   2.3.3
