PATH
  remote: ../h1p
  specs:
    h1p (0.2)

PATH
  remote: ../polyphony
  specs:
    polyphony (0.70)

PATH
  remote: ../qeweney
  specs:
    qeweney (0.14)
      escape_utils (~> 1.2.1)

PATH
  remote: .
  specs:
    tipi (0.43)
      acme-client (~> 2.0.8)
      extralite (~> 1.2)
      h1p (~> 0.2)
      http-2 (~> 0.11)
      localhost (~> 1.1.4)
      msgpack (~> 1.4.2)
      polyphony (~> 0.69)
      qeweney (~> 0.14)
      rack (>= 2.0.8, < 2.3.0)
      websocket (~> 1.2.8)

GEM
  remote: https://rubygems.org/
  specs:
    acme-client (2.0.8)
      faraday (>= 0.17, < 2.0.0)
    cuba (3.9.3)
      rack (>= 1.6.0)
    docile (1.4.0)
    escape_utils (1.2.1)
    extralite (1.3)
    faraday (1.7.0)
      faraday-em_http (~> 1.0)
      faraday-em_synchrony (~> 1.0)
      faraday-excon (~> 1.1)
      faraday-httpclient (~> 1.0.1)
      faraday-net_http (~> 1.0)
      faraday-net_http_persistent (~> 1.1)
      faraday-patron (~> 1.0)
      faraday-rack (~> 1.0)
      multipart-post (>= 1.2, < 3)
      ruby2_keywords (>= 0.0.4)
    faraday-em_http (1.0.0)
    faraday-em_synchrony (1.0.0)
    faraday-excon (1.1.0)
    faraday-httpclient (1.0.1)
    faraday-net_http (1.0.1)
    faraday-net_http_persistent (1.2.0)
    faraday-patron (1.0.0)
    faraday-rack (1.0.0)
    http-2 (0.11.0)
    json (2.5.1)
    localhost (1.1.8)
    memory_profiler (1.0.0)
    minitest (5.11.3)
    msgpack (1.4.2)
    multipart-post (2.1.1)
    rack (2.2.3)
    rake (13.0.6)
    ruby2_keywords (0.0.5)
    simplecov (0.17.1)
      docile (~> 1.1)
      json (>= 1.8, < 3)
      simplecov-html (~> 0.10.0)
    simplecov-html (0.10.2)
    websocket (1.2.9)

PLATFORMS
  ruby

DEPENDENCIES
  cuba (~> 3.9.3)
  h1p!
  memory_profiler (~> 1.0.0)
  minitest (~> 5.11.3)
  polyphony!
  qeweney!
  rake (~> 13.0.6)
  simplecov (~> 0.17.1)
  tipi!

BUNDLED WITH
   2.1.4
